GEM
  remote: https://rubygems.org/
  specs:
    ast (2.4.2)
    base64 (0.2.0)
    bigdecimal (3.1.8)
    colorize (1.1.0)
    csv (3.3.0)
    date (3.3.4)
    debug (1.9.2)
      irb (~> 1.10)
      reline (>= 0.3.8)
    diff-lcs (1.5.1)
    fileutils (1.7.2)
    httparty (0.22.0)
      csv
      mini_mime (>= 1.0.0)
      multi_xml (>= 0.5.2)
    io-console (0.7.2)
    irb (1.14.0)
      rdoc (>= 4.0.0)
      reline (>= 0.4.2)
    json (2.7.2)
    language_server-protocol (3.17.0.3)
    logger (1.6.0)
    mini_mime (1.1.5)
    mini_portile2 (2.8.7)
    multi_xml (0.7.1)
      bigdecimal (~> 3.1)
    nameable (1.1.4)
    nokogiri (1.16.7)
      mini_portile2 (~> 2.8.2)
      racc (~> 1.4)
    nokogiri (1.16.7-x86_64-linux)
      racc (~> 1.4)
    optparse (0.5.0)
    ostruct (0.6.0)
    parallel (1.25.1)
    parser (3.3.4.0)
      ast (~> 2.4.1)
      racc
    pg (1.5.7)
    pp (0.5.0)
      prettyprint
    prettyprint (0.2.0)
    prism (0.30.0)
    psych (5.1.2)
      stringio
    racc (1.8.1)
    rainbow (3.1.1)
    rbs (3.5.2)
      logger
    rdoc (6.7.0)
      psych (>= 4.0.0)
    regexp_parser (2.9.2)
    reline (0.5.9)
      io-console (~> 0.5)
    rexml (3.3.4)
      strscan
    rspec (3.13.0)
      rspec-core (~> 3.13.0)
      rspec-expectations (~> 3.13.0)
      rspec-mocks (~> 3.13.0)
    rspec-core (3.13.0)
      rspec-support (~> 3.13.0)
    rspec-expectations (3.13.1)
      diff-lcs (>= 1.2.0, < 2.0)
      rspec-support (~> 3.13.0)
    rspec-mocks (3.13.1)
      diff-lcs (>= 1.2.0, < 2.0)
      rspec-support (~> 3.13.0)
    rspec-support (3.13.1)
    rubocop (1.65.1)
      json (~> 2.3)
      language_server-protocol (>= 3.17.0)
      parallel (~> 1.10)
      parser (>= 3.3.0.2)
      rainbow (>= 2.2.2, < 4.0)
      regexp_parser (>= 2.4, < 3.0)
      rexml (>= 3.2.5, < 4.0)
      rubocop-ast (>= 1.31.1, < 2.0)
      ruby-progressbar (~> 1.7)
      unicode-display_width (>= 2.4.0, < 3.0)
    rubocop-ast (1.31.3)
      parser (>= 3.3.1.0)
    ruby-lsp (0.17.11)
      language_server-protocol (~> 3.17.0)
      prism (>= 0.29.0, < 0.31)
      rbs (>= 3, < 4)
      sorbet-runtime (>= 0.5.10782)
    ruby-progressbar (1.13.0)
    rubyzip (2.3.2)
    selenium-webdriver (4.23.0)
      base64 (~> 0.2)
      logger (~> 1.4)
      rexml (~> 3.2, >= 3.2.5)
      rubyzip (>= 1.2.2, < 3.0)
      websocket (~> 1.0)
    sequel (5.83.0)
      bigdecimal
    shellwords (0.2.0)
    sorbet-runtime (0.5.11506)
    stringio (3.1.1)
    strscan (3.1.0)
    unicode-display_width (2.5.0)
    websocket (1.2.11)
    word_wrap (1.0.0)
    zip (2.0.2)

PLATFORMS
  ruby
  x86_64-linux

DEPENDENCIES
  bundler
  colorize
  csv
  date
  debug (>= 1.0.0)
  fileutils
  httparty
  io-console
  irb
  logger
  nameable
  nokogiri
  optparse
  ostruct
  pg
  pp
  reline
  rspec
  rubocop
  ruby-lsp
  selenium-webdriver
  sequel
  shellwords
  word_wrap
  zip

RUBY VERSION
   ruby 3.3.1p55

BUNDLED WITH
   2.5.14
